PATH
  remote: .
  specs:
    ryodo (0.2.4.1)

GEM
  remote: https://rubygems.org/
  specs:
    coderay (1.0.9)
    diff-lcs (1.2.4)
    fakeweb (1.3.0)
    method_source (0.8.2)
    perftools.rb (2.0.1)
    pry (0.9.12.2)
      coderay (~> 1.0.5)
      method_source (~> 0.8)
      slop (~> 3.4)
    pry-doc (0.4.6)
      pry (>= 0.9)
      yard (>= 0.8)
    public_suffix (1.3.1)
    rake (10.1.0)
    rspec (2.14.1)
      rspec-core (~> 2.14.0)
      rspec-expectations (~> 2.14.0)
      rspec-mocks (~> 2.14.0)
    rspec-core (2.14.5)
    rspec-expectations (2.14.2)
      diff-lcs (>= 1.1.3, < 2.0)
    rspec-mocks (2.14.3)
    ruby-prof (0.13.0)
    slop (3.4.6)
    yard (0.8.7.2)

PLATFORMS
  ruby

DEPENDENCIES
  bundler (~> 1.3)
  fakeweb
  perftools.rb
  pry
  pry-doc
  public_suffix
  rake
  rspec
  ruby-prof
  ryodo!
